GEM
  remote: http://rubygems.org/
  specs:
    actionpack (2.3.11)
      activesupport (= 2.3.11)
      rack (~> 1.1.0)
    activesupport (2.3.11)
    akami (1.0.0)
      gyoku (>= 0.4.0)
    builder (3.0.0)
    git (1.2.5)
    gyoku (0.4.4)
      builder (>= 2.1.2)
    httpi (0.9.5)
      rack
    jeweler (1.6.2)
      bundler (~> 1.0)
      git (>= 1.2.5)
      rake
    nokogiri (1.5.0)
    nori (1.0.2)
    rack (1.1.2)
    rake (0.9.2)
    rcov (0.9.9)
    riot (0.12.5)
      rr
    rr (1.0.4)
    savon (0.9.7)
      akami (~> 1.0)
      builder (>= 2.1.2)
      gyoku (>= 0.4.0)
      httpi (~> 0.9)
      nokogiri (>= 1.4.0)
      nori (~> 1.0)
      wasabi (~> 2.0)
    uuidtools (2.1.2)
    wasabi (2.0.0)
      nokogiri (>= 1.4.0)

PLATFORMS
  java
  ruby

DEPENDENCIES
  actionpack
  activesupport
  bundler (~> 1.0.0)
  jeweler (~> 1.6.2)
  rcov
  riot
  rr
  savon
  uuidtools
