GEM
  remote: http://rubygems.org/
  specs:
    actionpack (2.3.11)
      activesupport (= 2.3.11)
      rack (~> 1.1.0)
    activesupport (2.3.11)
    git (1.2.5)
    jeweler (1.6.2)
      bundler (~> 1.0)
      git (>= 1.2.5)
      rake
    rack (1.1.2)
    rake (0.9.2)
    rcov (0.9.9)
    riot (0.12.5)
      rr
    rr (1.0.4)

PLATFORMS
  ruby

DEPENDENCIES
  actionpack
  activesupport
  bundler (~> 1.0.0)
  jeweler (~> 1.6.2)
  rcov
  riot
  rr
